GEM
  remote: https://rubygems.org/
  specs:
    abstract_type (0.0.7)
    actionmailer (4.2.4)
      actionpack (= 4.2.4)
      actionview (= 4.2.4)
      activejob (= 4.2.4)
      mail (~> 2.5, >= 2.5.4)
      rails-dom-testing (~> 1.0, >= 1.0.5)
    actionpack (4.2.4)
      actionview (= 4.2.4)
      activesupport (= 4.2.4)
      rack (~> 1.6)
      rack-test (~> 0.6.2)
      rails-dom-testing (~> 1.0, >= 1.0.5)
      rails-html-sanitizer (~> 1.0, >= 1.0.2)
    actionview (4.2.4)
      activesupport (= 4.2.4)
      builder (~> 3.1)
      erubis (~> 2.7.0)
      rails-dom-testing (~> 1.0, >= 1.0.5)
      rails-html-sanitizer (~> 1.0, >= 1.0.2)
    actionview-encoded_mail_to (1.0.7)
      rails
    activejob (4.2.4)
      activesupport (= 4.2.4)
      globalid (>= 0.3.0)
    activemodel (4.2.4)
      activesupport (= 4.2.4)
      builder (~> 3.1)
    activerecord (4.2.4)
      activemodel (= 4.2.4)
      activesupport (= 4.2.4)
      arel (~> 6.0)
    activesupport (4.2.4)
      i18n (~> 0.7)
      json (~> 1.7, >= 1.7.7)
      minitest (~> 5.1)
      thread_safe (~> 0.3, >= 0.3.4)
      tzinfo (~> 1.1)
    adamantium (0.2.0)
      ice_nine (~> 0.11.0)
      memoizable (~> 0.4.0)
    addressable (2.3.8)
    airbrake (4.3.1)
      builder
      multi_json
    arel (6.0.3)
    arrayfields (4.9.2)
    ast (2.1.0)
    better_errors (2.1.1)
      coderay (>= 1.0.0)
      erubis (>= 2.6.6)
      rack (>= 0.9.0)
    binding_of_caller (0.7.2)
      debug_inspector (>= 0.0.1)
    bourbon (4.2.5)
      sass (~> 3.4)
      thor (~> 0.19)
    brakeman (2.6.2)
      erubis (~> 2.6)
      fastercsv (~> 1.5)
      haml (>= 3.0, < 5.0)
      highline (~> 1.6.20)
      multi_json (~> 1.2)
      ruby2ruby (~> 2.1.1)
      ruby_parser (~> 3.5.0)
      sass (~> 3.0)
      slim (>= 1.3.6, < 3.0)
      terminal-table (~> 1.4)
    builder (3.2.2)
    byebug (6.0.2)
    cane (2.6.2)
      parallel
    capistrano (2.15.6)
      highline
      net-scp (>= 1.0.0)
      net-sftp (>= 2.0.0)
      net-ssh (>= 2.0.14)
      net-ssh-gateway (>= 1.1.0)
    capybara (2.4.4)
      mime-types (>= 1.16)
      nokogiri (>= 1.3.3)
      rack (>= 1.0.0)
      rack-test (>= 0.5.4)
      xpath (~> 2.0)
    chronic (0.10.2)
    churn (0.0.35)
      chronic (>= 0.2.3)
      hirb
      json_pure
      main
      rest-client (>= 1.6.0)
      ruby_parser (~> 3.0)
      sexp_processor (~> 4.1)
    ci_reporter (2.0.0)
      builder (>= 2.1.2)
    ci_reporter_rspec (1.0.0)
      ci_reporter (~> 2.0)
      rspec (>= 2.14, < 4)
    code_analyzer (0.4.5)
      sexp_processor
    code_metrics (0.1.3)
    coderay (1.1.0)
    coffee-rails (4.1.0)
      coffee-script (>= 2.2.0)
      railties (>= 4.0.0, < 5.0)
    coffee-script (2.4.1)
      coffee-script-source
      execjs
    coffee-script-source (1.9.1.1)
    colored (1.2)
    concord (0.1.5)
      adamantium (~> 0.2.0)
      equalizer (~> 0.0.9)
    daemons (1.2.3)
    debug_inspector (0.0.2)
    diff-lcs (1.2.5)
    docile (1.1.5)
    domain_name (0.5.25)
      unf (>= 0.0.5, < 1.0.0)
    dotenv (2.0.2)
    dotenv-rails (2.0.2)
      dotenv (= 2.0.2)
      railties (~> 4.0)
    equalizer (0.0.11)
    erubis (2.7.0)
    eventmachine (1.0.8)
    execjs (2.6.0)
    factory_girl (4.5.0)
      activesupport (>= 3.0.0)
    factory_girl_rails (4.5.0)
      factory_girl (~> 4.5.0)
      railties (>= 3.0.0)
    fastercsv (1.5.5)
    fattr (2.2.2)
    flay (2.6.1)
      ruby_parser (~> 3.0)
      sexp_processor (~> 4.0)
    flog (4.3.2)
      ruby_parser (~> 3.1, > 3.1.0)
      sexp_processor (~> 4.4)
    friendly_id (5.1.0)
      activerecord (>= 4.0.0)
    globalid (0.3.6)
      activesupport (>= 4.1.0)
    haml (4.0.7)
      tilt
    highline (1.6.21)
    hirb (0.7.3)
    http-cookie (1.0.2)
      domain_name (~> 0.5)
    httparty (0.13.7)
      json (~> 1.8)
      multi_xml (>= 0.5.2)
    i18n (0.7.0)
    ice_nine (0.11.1)
    jbuilder (2.3.2)
      activesupport (>= 3.0.0, < 5)
      multi_json (~> 1.2)
    jquery-rails (4.0.5)
      rails-dom-testing (~> 1.0)
      railties (>= 4.2.0)
      thor (>= 0.14, < 2.0)
    json (1.8.3)
    json_pure (1.8.2)
    kaminari (0.16.3)
      actionpack (>= 3.0.0)
      activesupport (>= 3.0.0)
    kgio (2.10.0)
    launchy (2.4.3)
      addressable (~> 2.3)
    libv8 (3.16.14.11)
    license_finder (2.0.4)
      bundler
      httparty
      thor
      xml-simple
    loofah (2.0.3)
      nokogiri (>= 1.5.9)
    mail (2.6.3)
      mime-types (>= 1.16, < 3)
    main (6.1.0)
      arrayfields (>= 4.7.4)
      chronic (>= 0.6.2)
      fattr (>= 2.2.0)
      map (>= 5.1.0)
    map (6.5.5)
    memoizable (0.4.2)
      thread_safe (~> 0.3, >= 0.3.1)
    metric_fu (4.12.0)
      cane (~> 2.5, >= 2.5.2)
      churn (~> 0.0.35)
      code_metrics (~> 0.1)
      coderay
      flay (~> 2.1, >= 2.0.1)
      flog (~> 4.1, >= 4.1.1)
      launchy (~> 2.0)
      metric_fu-Saikuro (~> 1.1, >= 1.1.3)
      multi_json
      rails_best_practices (~> 1.14, >= 1.14.3)
      redcard
      reek (>= 1.3.4, < 3.0)
      roodi (~> 3.1)
    metric_fu-Saikuro (1.1.3)
    mime-types (2.6.2)
    mini_portile (0.6.2)
    minitest (5.8.1)
    multi_json (1.11.2)
    multi_xml (0.5.5)
    mysql2 (0.3.20)
    net-scp (1.2.1)
      net-ssh (>= 2.6.5)
    net-sftp (2.1.2)
      net-ssh (>= 2.6.5)
    net-ssh (3.0.1)
    net-ssh-gateway (1.2.0)
      net-ssh (>= 2.6.5)
    netrc (0.10.3)
    nokogiri (1.6.6.2)
      mini_portile (~> 0.6.0)
    parallel (1.6.1)
    parser (2.2.2.6)
      ast (>= 1.1, < 3.0)
    procto (0.0.2)
    quiet_assets (1.1.0)
      railties (>= 3.1, < 5.0)
    rack (1.6.4)
    rack-test (0.6.3)
      rack (>= 1.0)
    rails (4.2.4)
      actionmailer (= 4.2.4)
      actionpack (= 4.2.4)
      actionview (= 4.2.4)
      activejob (= 4.2.4)
      activemodel (= 4.2.4)
      activerecord (= 4.2.4)
      activesupport (= 4.2.4)
      bundler (>= 1.3.0, < 2.0)
      railties (= 4.2.4)
      sprockets-rails
    rails-deprecated_sanitizer (1.0.3)
      activesupport (>= 4.2.0.alpha)
    rails-dom-testing (1.0.7)
      activesupport (>= 4.2.0.beta, < 5.0)
      nokogiri (~> 1.6.0)
      rails-deprecated_sanitizer (>= 1.0.1)
    rails-html-sanitizer (1.0.2)
      loofah (~> 2.0)
    rails_best_practices (1.15.7)
      activesupport
      code_analyzer (>= 0.4.3)
      colored
      erubis
      i18n
      json
      require_all
      ruby-progressbar
    railties (4.2.4)
      actionpack (= 4.2.4)
      activesupport (= 4.2.4)
      rake (>= 0.8.7)
      thor (>= 0.18.1, < 2.0)
    rainbow (2.0.0)
    raindrops (0.15.0)
    rake (10.4.2)
    redcard (1.1.0)
    redcarpet (3.3.3)
    reek (2.2.1)
      parser (~> 2.2)
      rainbow (~> 2.0)
      unparser (~> 0.2.2)
    ref (2.0.0)
    require_all (1.3.2)
    responders (2.1.0)
      railties (>= 4.2.0, < 5)
    rest-client (1.8.0)
      http-cookie (>= 1.0.2, < 2.0)
      mime-types (>= 1.16, < 3.0)
      netrc (~> 0.7)
    roodi (3.3.1)
      ruby_parser (~> 3.2, >= 3.2.2)
    rspec (3.3.0)
      rspec-core (~> 3.3.0)
      rspec-expectations (~> 3.3.0)
      rspec-mocks (~> 3.3.0)
    rspec-activemodel-mocks (1.0.2)
      activemodel (>= 3.0)
      activesupport (>= 3.0)
      rspec-mocks (>= 2.99, < 4.0)
    rspec-collection_matchers (1.1.2)
      rspec-expectations (>= 2.99.0.beta1)
    rspec-core (3.3.2)
      rspec-support (~> 3.3.0)
    rspec-expectations (3.3.1)
      diff-lcs (>= 1.2.0, < 2.0)
      rspec-support (~> 3.3.0)
    rspec-mocks (3.3.2)
      diff-lcs (>= 1.2.0, < 2.0)
      rspec-support (~> 3.3.0)
    rspec-rails (3.3.3)
      actionpack (>= 3.0, < 4.3)
      activesupport (>= 3.0, < 4.3)
      railties (>= 3.0, < 4.3)
      rspec-core (~> 3.3.0)
      rspec-expectations (~> 3.3.0)
      rspec-mocks (~> 3.3.0)
      rspec-support (~> 3.3.0)
    rspec-support (3.3.0)
    ruby-progressbar (1.7.5)
    ruby2ruby (2.1.4)
      ruby_parser (~> 3.1)
      sexp_processor (~> 4.0)
    ruby_parser (3.5.0)
      sexp_processor (~> 4.1)
    sass (3.4.18)
    sass-rails (5.0.4)
      railties (>= 4.0.0, < 5.0)
      sass (~> 3.1)
      sprockets (>= 2.8, < 4.0)
      sprockets-rails (>= 2.0, < 4.0)
      tilt (>= 1.1, < 3)
    sexp_processor (4.6.0)
    simplecov (0.10.0)
      docile (~> 1.1.0)
      json (~> 1.8)
      simplecov-html (~> 0.10.0)
    simplecov-html (0.10.0)
    simplecov-rcov (0.2.3)
      simplecov (>= 0.4.1)
    simplecov-rcov-text (0.0.3)
    sitemap_generator (5.1.0)
      builder
    slim (2.1.0)
      temple (~> 0.6.9)
      tilt (>= 1.3.3, < 2.1)
    spring (1.4.0)
    sprockets (3.4.0)
      rack (> 1, < 3)
    sprockets-rails (2.3.3)
      actionpack (>= 3.0)
      activesupport (>= 3.0)
      sprockets (>= 2.8, < 4.0)
    temple (0.6.10)
    terminal-table (1.5.2)
    therubyracer (0.12.2)
      libv8 (~> 3.16.14.0)
      ref
    thin (1.6.4)
      daemons (~> 1.0, >= 1.0.9)
      eventmachine (~> 1.0, >= 1.0.4)
      rack (~> 1.0)
    thor (0.19.1)
    thread_safe (0.3.5)
    tilt (2.0.1)
    tzinfo (1.2.2)
      thread_safe (~> 0.1)
    uglifier (2.7.2)
      execjs (>= 0.3.0)
      json (>= 1.8.0)
    unf (0.1.4)
      unf_ext
    unf_ext (0.0.7.1)
    unicorn (4.9.0)
      kgio (~> 2.6)
      rack
      raindrops (~> 0.7)
    unparser (0.2.4)
      abstract_type (~> 0.0.7)
      adamantium (~> 0.2.0)
      concord (~> 0.1.5)
      diff-lcs (~> 1.2.5)
      equalizer (~> 0.0.9)
      parser (~> 2.2.2)
      procto (~> 0.0.2)
    web-console (2.2.1)
      activemodel (>= 4.0)
      binding_of_caller (>= 0.7.2)
      railties (>= 4.0)
      sprockets-rails (>= 2.0, < 4.0)
    xml-simple (1.1.5)
    xpath (2.0.0)
      nokogiri (~> 1.3)
    yaml_db (0.3.0)
      rails (>= 3.0, < 4.3)
      rake (>= 0.8.7)

PLATFORMS
  ruby

DEPENDENCIES
  actionview-encoded_mail_to
  airbrake
  better_errors
  binding_of_caller
  bourbon
  brakeman (= 2.6.2)
  byebug
  capistrano (~> 2.15.5)
  capybara (~> 2.4.1)
  ci_reporter_rspec
  coffee-rails (~> 4.1.0)
  dotenv-rails
  factory_girl_rails
  friendly_id
  jbuilder (~> 2.0)
  jquery-rails
  kaminari
  license_finder
  metric_fu (>= 4.11.0)
  mysql2 (~> 0.3.20)
  quiet_assets
  rails (= 4.2.4)
  rake
  redcarpet
  responders (~> 2.0)
  rspec-activemodel-mocks
  rspec-collection_matchers
  rspec-rails
  sass-rails (~> 5.0)
  simplecov
  simplecov-rcov
  simplecov-rcov-text
  sitemap_generator
  spring
  therubyracer
  thin
  uglifier (>= 1.3.0)
  unicorn (~> 4.6)
  web-console (~> 2.0)
  yaml_db

BUNDLED WITH
   1.10.6
